GEM
  remote: http://rubygems.org/
  remote: http://gems.github.com/
  remote: http://gemcutter.org/
  remote: http://gems.rubyonrails.org/
  specs:
    commander (4.0.7)
      highline (~> 1.5.0)
    highline (1.5.2)

PLATFORMS
  ruby

DEPENDENCIES
  commander
